GEM
  remote: https://rubygems.org/
  specs:
    rake (10.5.0)
    redpen_ruby (0.4)

PLATFORMS
  ruby

DEPENDENCIES
  rake
  redpen_ruby

BUNDLED WITH
   1.11.2
